GEM
  remote: https://rubygems.org/
  specs:
    builder (3.2.2)
    escape (0.0.4)
    mini_portile (0.5.2)
    nokogiri (1.6.0)
      mini_portile (~> 0.5.0)
    pr_geohash (1.0.0)
    rsolr (0.12.1)
      builder (>= 2.1.2)
    sunspot (1.2.1)
      escape (= 0.0.4)
      pr_geohash (~> 1.0)
      rsolr (= 0.12.1)
    sunspot_rails (1.2.1)
      nokogiri
      sunspot (= 1.2.1)

PLATFORMS
  ruby

DEPENDENCIES
  sunspot_rails (~> 1.2.1)
